GEM
  remote: https://rubygems.org/
  specs:
    mini_portile2 (2.8.5)
    nokogiri (1.16.2)
      mini_portile2 (~> 2.8.2)
      racc (~> 1.4)
    racc (1.7.3)
    rexml (3.2.6)
    rss (0.3.0)
      rexml

PLATFORMS
  ruby

DEPENDENCIES
  nokogiri
  rss

BUNDLED WITH
   2.5.6
