GIT
  remote: https://github.com/hanazuki/sam-build-fast.git
  revision: c51c491ea51b52fc82c4f4231706d5aabc4379e4
  specs:
    sam-build-fast (0.0.0)

GEM
  remote: https://rubygems.org/
  specs:
    rake (13.0.1)

PLATFORMS
  ruby

DEPENDENCIES
  rake
  sam-build-fast!

BUNDLED WITH
   2.1.4
