GIT
  remote: https://github.com/hanazuki/sam-build-fast.git
  revision: 0bdc521eaa724d2fd3c42d8b41e81acefd802761
  specs:
    sam-build-fast (0.0.0)

GEM
  remote: https://rubygems.org/
  specs:
    rake (13.2.1)

PLATFORMS
  ruby

DEPENDENCIES
  rake
  sam-build-fast!

BUNDLED WITH
   2.5.6
