GIT
  remote: https://github.com/hanazuki/sam-build-fast.git
  revision: 843d86de019e6aa43387f4bd325de92e8db833f6
  specs:
    sam-build-fast (0.0.0)

GEM
  remote: https://rubygems.org/
  specs:
    rake (13.1.0)

PLATFORMS
  ruby

DEPENDENCIES
  rake
  sam-build-fast!

BUNDLED WITH
   2.5.6
