GIT
  remote: https://github.com/hanazuki/sam-build-fast.git
  revision: 932e72d05bdb8c52394a747eb8f7805027127f65
  specs:
    sam-build-fast (0.0.0)

GEM
  remote: https://rubygems.org/
  specs:
    rake (13.0.1)

PLATFORMS
  ruby

DEPENDENCIES
  rake
  sam-build-fast!

BUNDLED WITH
   2.1.4
